GIT
  remote: https://github.com/bhaberer/cinch-logger-canonical.git
  revision: 0c2e4544c6bf203bb2fd28349489e2216cdb528b
  branch: master
  specs:
    cinch-logger-canonical (0.0.1)

GIT
  remote: https://github.com/jasiek/cinch-pskreporter.git
  revision: d7ec87bc1ec78266e7ded7a4fab45f0eb6569cbf
  branch: master
  specs:
    cinch-pskreporter (0.1.1)
      cinch (~> 2)
      hashie (~> 0)

GEM
  remote: https://rubygems.org/
  specs:
    addressable (2.3.8)
    buftok (0.2.0)
    cinch (2.2.5)
    cinch-identify (1.7.0)
      cinch (~> 2.0)
    cinch-toolbox (1.1.4)
      nokogiri (~> 1.6.0)
    cinch-twitterwatch (1.0.2)
      cinch (~> 2.0, >= 2.0.12)
      cinch-toolbox (~> 1.1, >= 1.1.2)
      twitter (~> 5.7, >= 5.7.1)
    equalizer (0.0.11)
    faraday (0.9.1)
      multipart-post (>= 1.2, < 3)
    hashie (0.4.0)
    http (0.6.4)
      http_parser.rb (~> 0.6.0)
    http_parser.rb (0.6.0)
    json (1.8.3)
    memoizable (0.4.2)
      thread_safe (~> 0.3, >= 0.3.1)
    mini_portile (0.6.2)
    multipart-post (2.0.0)
    naught (1.0.0)
    nokogiri (1.6.6.2)
      mini_portile (~> 0.6.0)
    simple_oauth (0.3.1)
    thread_safe (0.3.5)
    twitter (5.14.0)
      addressable (~> 2.3)
      buftok (~> 0.2.0)
      equalizer (~> 0.0.9)
      faraday (~> 0.9.0)
      http (~> 0.6.0)
      http_parser.rb (~> 0.6.0)
      json (~> 1.8)
      memoizable (~> 0.4.0)
      naught (~> 1.0)
      simple_oauth (~> 0.3.0)

PLATFORMS
  ruby

DEPENDENCIES
  cinch
  cinch-identify
  cinch-logger-canonical!
  cinch-pskreporter!
  cinch-twitterwatch
