GIT
  remote: https://github.com/jasiek/cinch-pskreporter.git
  revision: 3468856971787a06e1e6bac84fc0e7261c094f3f
  branch: master
  specs:
    cinch-pskreporter (0.1.1)
      cinch (~> 2)
      hashie (~> 0)

GEM
  remote: https://rubygems.org/
  specs:
    cinch (2.2.5)
    cinch-identify (1.7.0)
      cinch (~> 2.0)
    cinch-logger-canonical (0.0.1)
    hashie (0.4.0)

PLATFORMS
  ruby

DEPENDENCIES
  cinch
  cinch-identify
  cinch-logger-canonical
  cinch-pskreporter!
